GIT
  remote: https://github.com/pry/pry.git
  revision: 90d127778f3f4e9581d9dfb5c17851af48867186
  ref: 90d127778f3f4e9581d9dfb5c17851af48867186
  specs:
    pry (0.10.3)
      coderay (~> 1.1.0)
      method_source (~> 0.8.1)

GEM
  remote: https://rubygems.org/
  specs:
    ansi (1.5.0)
    builder (3.2.2)
    coderay (1.1.1)
    docile (1.1.5)
    json (1.8.3)
    method_source (0.8.2)
    minitest (5.8.4)
    minitest-reporters (1.1.8)
      ansi
      builder
      minitest (>= 5.0)
      ruby-progressbar
    ruby-progressbar (1.7.5)
    simplecov (0.11.2)
      docile (~> 1.1.0)
      json (~> 1.8)
      simplecov-html (~> 0.10.0)
    simplecov-html (0.10.0)

PLATFORMS
  ruby

DEPENDENCIES
  minitest (~> 5.8.3)
  minitest-reporters (~> 1.1.8)
  pry!
  simplecov (~> 0.11.2)

BUNDLED WITH
   1.11.2
